GEM
  remote: https://rubygems.org/
  specs:
    activesupport (6.1.1)
      concurrent-ruby (~> 1.0, >= 1.0.2)
      i18n (>= 1.6, < 2)
      minitest (>= 5.1)
      tzinfo (~> 2.0)
      zeitwerk (~> 2.3)
    awesome_print (1.8.0)
    coderay (1.1.3)
    concurrent-ruby (1.1.8)
    faraday (1.3.0)
      faraday-net_http (~> 1.0)
      multipart-post (>= 1.2, < 3)
      ruby2_keywords
    faraday-net_http (1.0.1)
    i18n (1.8.7)
      concurrent-ruby (~> 1.0)
    logger (1.4.3)
    method_source (1.0.0)
    minitest (5.14.3)
    multipart-post (2.1.1)
    oj (3.11.2)
    pry (0.13.1)
      coderay (~> 1.1)
      method_source (~> 1.0)
    ruby2_keywords (0.0.4)
    settingslogic (2.0.9)
    thor (1.1.0)
    togglv8 (1.2.1)
      faraday
      logger
      oj
    tzinfo (2.0.4)
      concurrent-ruby (~> 1.0)
    zeitwerk (2.4.2)

PLATFORMS
  ruby

DEPENDENCIES
  activesupport
  awesome_print
  faraday
  pry
  settingslogic
  thor
  togglv8

BUNDLED WITH
   2.1.4
